GEM
  remote: https://rubygems.org/
  specs:
    diff-lcs (1.3)
    rspec (3.7.0)
      rspec-core (~> 3.7.0)
      rspec-expectations (~> 3.7.0)
      rspec-mocks (~> 3.7.0)
    rspec-core (3.7.1)
      rspec-support (~> 3.7.0)
    rspec-expectations (3.7.0)
      diff-lcs (>= 1.2.0, < 2.0)
      rspec-support (~> 3.7.0)
    rspec-mocks (3.7.0)
      diff-lcs (>= 1.2.0, < 2.0)
      rspec-support (~> 3.7.0)
    rspec-puppet (2.6.9)
      rspec
    rspec-support (3.7.0)
    rubygems-update (2.7.4)

PLATFORMS
  ruby

DEPENDENCIES
  rspec-puppet
  rubygems-update

BUNDLED WITH
   1.16.1
